GIT
  remote: https://github.com/njh/ruby-mqtt.git
  revision: b06dba3d3f24afd3b82a433023accc829df788fa
  specs:
    mqtt (0.4.0)

GEM
  remote: https://rubygems.org/
  specs:
    sqlite3 (1.3.11)

PLATFORMS
  ruby

DEPENDENCIES
  mqtt!
  sqlite3 (~> 1.3, >= 1.3.11)!

BUNDLED WITH
   1.12.5
